PATH
  remote: .
  specs:
    deep_clone (0.0.2)

GEM
  remote: http://rubygems.org/
  specs:
    diff-lcs (1.2.1)
    rake (10.0.4)
    rake-compiler (0.8.3)
      rake
    rspec (2.13.0)
      rspec-core (~> 2.13.0)
      rspec-expectations (~> 2.13.0)
      rspec-mocks (~> 2.13.0)
    rspec-core (2.13.1)
    rspec-expectations (2.13.0)
      diff-lcs (>= 1.1.3, < 2.0)
    rspec-mocks (2.13.0)

PLATFORMS
  ruby

DEPENDENCIES
  deep_clone!
  rake (~> 10.0.4)
  rake-compiler (~> 0.8.3)
  rspec (~> 2.13.0)
